GIT
  remote: git://github.com/ekho/capistrano-git-submodule-strategy.git
  revision: 041792b85092dba77e763e2dd9462441a1abbb70
  specs:
    capistrano-git-submodule-strategy (0.1.15)
      capistrano (~> 3.1)

GIT
  remote: https://github.com/bbatsov/rubocop.git
  revision: 4fa55b4a76e990ab8c9ba58c5b8f27136869e981
  specs:
    rubocop (0.29.1)
      astrolabe (~> 1.3)
      parser (>= 2.2.0.1, < 3.0)
      powerpack (~> 0.1)
      rainbow (>= 1.99.1, < 3.0)
      ruby-progressbar (~> 1.4)

GEM
  remote: https://rubygems.org/
  specs:
    addressable (2.3.6)
    approvals (0.0.17)
      nokogiri (~> 1.6)
      thor (~> 0.18)
    ast (2.0.0)
    astrolabe (1.3.0)
      parser (>= 2.2.0.pre.3, < 3.0)
    bugsnag (2.6.1)
      httparty (>= 0.6, < 1.0)
      multi_json (~> 1.0)
    capistrano (3.4.0)
      i18n
      rake (>= 10.0.0)
      sshkit (~> 1.3)
    colorize (0.7.5)
    coveralls (0.7.2)
      multi_json (~> 1.3)
      rest-client (= 1.6.7)
      simplecov (>= 0.7)
      term-ansicolor (= 1.2.2)
      thor (= 0.18.1)
    crack (0.4.2)
      safe_yaml (~> 1.0.0)
    docile (1.1.5)
    faraday (0.9.0)
      multipart-post (>= 1.2, < 3)
    httparty (0.13.3)
      json (~> 1.8)
      multi_xml (>= 0.5.2)
    i18n (0.7.0)
    json (1.8.1)
    mime-types (2.4.3)
    mini_portile (0.6.1)
    minitest (5.5.0)
    multi_json (1.10.1)
    multi_xml (0.5.5)
    multipart-post (2.0.0)
    net-scp (1.2.1)
      net-ssh (>= 2.6.5)
    net-ssh (2.9.2)
    nokogiri (1.6.5)
      mini_portile (~> 0.6.0)
    parser (2.2.0.3)
      ast (>= 1.1, < 3.0)
    petroglyph (0.0.7)
      tilt
    powerpack (0.1.0)
    psych (2.0.8)
    puma (2.10.2)
      rack (>= 1.1, < 2.0)
    rack (1.6.0)
    rack-protection (1.5.3)
      rack
    rack-test (0.6.2)
      rack (>= 1.0)
    rainbow (2.0.0)
    rake (10.4.2)
    rest-client (1.6.7)
      mime-types (>= 1.16)
    ruby-progressbar (1.7.1)
    safe_yaml (1.0.4)
    simplecov (0.9.1)
      docile (~> 1.1.0)
      multi_json (~> 1.0)
      simplecov-html (~> 0.8.0)
    simplecov-html (0.8.0)
    sinatra (1.4.5)
      rack (~> 1.4)
      rack-protection (~> 1.4)
      tilt (~> 1.3, >= 1.3.4)
    sshkit (1.7.1)
      colorize (>= 0.7.0)
      net-scp (>= 1.1.2)
      net-ssh (>= 2.8.0)
    term-ansicolor (1.2.2)
      tins (~> 0.8)
    thor (0.18.1)
    tilt (1.4.1)
    tins (0.13.2)
    vcr (2.9.3)
    webmock (1.17.4)
      addressable (>= 2.2.7)
      crack (>= 0.3.2)

PLATFORMS
  ruby

DEPENDENCIES
  approvals (~> 0.0.16)
  bugsnag
  capistrano
  capistrano-git-submodule-strategy (~> 0.1)!
  coveralls (~> 0.7)
  faraday (~> 0.9)
  minitest (~> 5.3)
  petroglyph (= 0.0.7)
  psych
  puma (~> 2.7)
  rack (~> 1.4)
  rack-test (~> 0.6)
  rake (~> 10.4)
  rubocop!
  simplecov (~> 0.8)
  sinatra (~> 1.4)
  tilt (~> 1.3)
  vcr (~> 2.8)
  webmock (~> 1.17.0)
